GIT
  remote: git://github.com/sinatra/sinatra.git
  revision: cdd461896afaa264f5417fdb54a2e7c35bd3878d
  specs:
    sinatra (1.4.0)
      rack (~> 1.3, >= 1.3.6)
      rack-protection (~> 1.2)
      tilt (~> 1.3, >= 1.3.3)

GEM
  remote: http://rubygems.org/
  specs:
    coderay (1.0.8)
    httparty (0.9.0)
      multi_json (~> 1.0)
      multi_xml
    method_source (0.8.1)
    multi_json (1.4.0)
    multi_xml (0.5.1)
    pry (0.9.10)
      coderay (~> 1.0.5)
      method_source (~> 0.8)
      slop (~> 3.3.1)
    pry-nav (0.2.2)
      pry (~> 0.9.10)
    rack (1.4.1)
    rack-protection (1.2.0)
      rack
    shotgun (0.9)
      rack (>= 1.0)
    slop (3.3.3)
    tilt (1.3.3)

PLATFORMS
  ruby

DEPENDENCIES
  httparty
  pry
  pry-nav
  shotgun
  sinatra!
